PATH
  remote: .
  specs:
    robbie (0.0.1)
      httparty
      oj

GEM
  remote: http://rubygems.org/
  specs:
    httparty (0.8.3)
      multi_json (~> 1.0)
      multi_xml
    multi_json (1.3.6)
    multi_xml (0.5.1)
    oj (1.3.4)

PLATFORMS
  ruby

DEPENDENCIES
  robbie!
